GEM
  remote: https://rubygems.org/
  specs:
    actionmailer (4.2.0.beta4)
      actionpack (= 4.2.0.beta4)
      actionview (= 4.2.0.beta4)
      activejob (= 4.2.0.beta4)
      mail (~> 2.5, >= 2.5.4)
      rails-dom-testing (~> 1.0, >= 1.0.4)
    actionpack (4.2.0.beta4)
      actionview (= 4.2.0.beta4)
      activesupport (= 4.2.0.beta4)
      rack (~> 1.6.0.beta)
      rack-test (~> 0.6.2)
      rails-dom-testing (~> 1.0, >= 1.0.4)
      rails-html-sanitizer (~> 1.0, >= 1.0.1)
    actionview (4.2.0.beta4)
      activesupport (= 4.2.0.beta4)
      builder (~> 3.1)
      erubis (~> 2.7.0)
      rails-dom-testing (~> 1.0, >= 1.0.4)
      rails-html-sanitizer (~> 1.0, >= 1.0.1)
    active_model_serializers (0.9.0)
      activemodel (>= 3.2)
    activejob (4.2.0.beta4)
      activesupport (= 4.2.0.beta4)
      globalid (>= 0.3.0)
    activemodel (4.2.0.beta4)
      activesupport (= 4.2.0.beta4)
      builder (~> 3.1)
    activerecord (4.2.0.beta4)
      activemodel (= 4.2.0.beta4)
      activesupport (= 4.2.0.beta4)
      arel (>= 6.0.0.beta2, < 6.1)
    activesupport (4.2.0.beta4)
      i18n (>= 0.7.0.beta1, < 0.8)
      json (~> 1.7, >= 1.7.7)
      minitest (~> 5.1)
      thread_safe (~> 0.1)
      tzinfo (~> 1.1)
    arel (6.0.0.beta2)
    bcrypt (3.1.7)
    binding_of_caller (0.7.3.pre1)
      debug_inspector (>= 0.0.1)
    bootstrap-sass (3.2.0.0)
      sass (~> 3.2)
    bootstrap-will_paginate (0.0.10)
      will_paginate
    builder (3.2.2)
    byebug (3.5.1)
      columnize (~> 0.8)
      debugger-linecache (~> 1.2)
      slop (~> 3.6)
    carrierwave (0.10.0)
      activemodel (>= 3.2.0)
      activesupport (>= 3.2.0)
      json (>= 1.7)
      mime-types (>= 1.16)
    coffee-rails (4.1.0)
      coffee-script (>= 2.2.0)
      railties (>= 4.0.0, < 5.0)
    coffee-script (2.3.0)
      coffee-script-source
      execjs
    coffee-script-source (1.8.0)
    columnize (0.8.9)
    debug_inspector (0.0.2)
    debugger-linecache (1.2.0)
    erubis (2.7.0)
    excon (0.41.0)
    execjs (2.2.2)
    faker (1.4.2)
      i18n (~> 0.5)
    fog (1.23.0)
      fog-brightbox
      fog-core (~> 1.23)
      fog-json
      fog-softlayer
      ipaddress (~> 0.5)
      nokogiri (~> 1.5, >= 1.5.11)
    fog-brightbox (0.6.1)
      fog-core (~> 1.22)
      fog-json
      inflecto
    fog-core (1.25.0)
      builder
      excon (~> 0.38)
      formatador (~> 0.2)
      mime-types
      net-scp (~> 1.1)
      net-ssh (>= 2.1.3)
    fog-json (1.0.0)
      multi_json (~> 1.0)
    fog-softlayer (0.3.24)
      fog-core
      fog-json
    formatador (0.2.5)
    globalid (0.3.0)
      activesupport (>= 4.1.0)
    hike (1.2.3)
    i18n (0.7.0.beta1)
    inflecto (0.0.2)
    ipaddress (0.8.0)
    jbuilder (2.2.4)
      activesupport (>= 3.0.0, < 5)
      multi_json (~> 1.2)
    jquery-rails (4.0.0.beta2)
      rails-dom-testing (~> 1.0)
      railties (>= 4.2.0.beta, < 5.0)
      thor (>= 0.14, < 2.0)
    json (1.8.1)
    kgio (2.9.2)
    loofah (2.0.1)
      nokogiri (>= 1.5.9)
    mail (2.6.3)
      mime-types (>= 1.16, < 3)
    mailgun_rails (0.6.4)
      rails (>= 3.2.13)
      rest-client (>= 1.6.7)
    mime-types (2.4.3)
    mini_magick (3.8.0)
      subexec (~> 0.2.1)
    mini_portile (0.6.1)
    minitest (5.4.3)
    multi_json (1.10.1)
    net-scp (1.2.1)
      net-ssh (>= 2.6.5)
    net-ssh (2.9.1)
    netrc (0.8.0)
    nokogiri (1.6.4.1)
      mini_portile (~> 0.6.0)
    owlcarousel-rails (1.1.3.3)
      jquery-rails
    rack (1.6.0.beta)
    rack-test (0.6.2)
      rack (>= 1.0)
    rails (4.2.0.beta4)
      actionmailer (= 4.2.0.beta4)
      actionpack (= 4.2.0.beta4)
      actionview (= 4.2.0.beta4)
      activejob (= 4.2.0.beta4)
      activemodel (= 4.2.0.beta4)
      activerecord (= 4.2.0.beta4)
      activesupport (= 4.2.0.beta4)
      bundler (>= 1.3.0, < 2.0)
      railties (= 4.2.0.beta4)
      sprockets-rails (~> 3.0.0.beta1)
    rails-deprecated_sanitizer (1.0.3)
      activesupport (>= 4.2.0.alpha)
    rails-dom-testing (1.0.4)
      activesupport (>= 4.2.0.beta, < 5.0)
      nokogiri (~> 1.6.0)
      rails-deprecated_sanitizer (>= 1.0.1)
    rails-html-sanitizer (1.0.1)
      loofah (~> 2.0)
    rails_12factor (0.0.2)
      rails_serve_static_assets
      rails_stdout_logging
    rails_serve_static_assets (0.0.2)
    rails_stdout_logging (0.0.3)
    railties (4.2.0.beta4)
      actionpack (= 4.2.0.beta4)
      activesupport (= 4.2.0.beta4)
      rake (>= 0.8.7)
      thor (>= 0.18.1, < 2.0)
    raindrops (0.13.0)
    rake (10.3.2)
    rdoc (4.1.2)
      json (~> 1.4)
    rest-client (1.7.2)
      mime-types (>= 1.16, < 3.0)
      netrc (~> 0.7)
    sass (3.4.7)
    sass-rails (5.0.0.beta1)
      railties (>= 4.0.0, < 5.0)
      sass (~> 3.2)
      sprockets (~> 2.12)
      sprockets-rails (>= 2.0, < 4.0)
    sdoc (0.4.1)
      json (~> 1.7, >= 1.7.7)
      rdoc (~> 4.0)
    slop (3.6.0)
    spring (1.1.3)
    sprockets (2.12.3)
      hike (~> 1.2)
      multi_json (~> 1.0)
      rack (~> 1.0)
      tilt (~> 1.1, != 1.3.0)
    sprockets-rails (3.0.0.beta1)
      actionpack (>= 4.0)
      activesupport (>= 4.0)
      sprockets (~> 2.8)
    sqlite3 (1.3.10)
    subexec (0.2.3)
    thor (0.19.1)
    thread_safe (0.3.4)
    tilt (1.4.1)
    turbolinks (2.5.2)
      coffee-rails
    tzinfo (1.2.2)
      thread_safe (~> 0.1)
    uglifier (2.5.3)
      execjs (>= 0.3.0)
      json (>= 1.8.0)
    unicorn (4.8.3)
      kgio (~> 2.6)
      rack
      raindrops (~> 0.7)
    web-console (2.0.0.beta4)
      activemodel (~> 4.0)
      binding_of_caller (= 0.7.3.pre1)
      railties (~> 4.0)
      sprockets-rails (>= 2.0, < 4.0)
    will_paginate (3.0.7)

PLATFORMS
  ruby

DEPENDENCIES
  active_model_serializers
  bcrypt (= 3.1.7)
  bootstrap-sass (= 3.2.0.0)
  bootstrap-will_paginate (= 0.0.10)
  byebug
  carrierwave
  coffee-rails (~> 4.1.0)
  faker (= 1.4.2)
  fog (= 1.23.0)
  jbuilder (~> 2.0)
  jquery-rails (~> 4.0.0.beta2)
  mailgun_rails
  mini_magick
  owlcarousel-rails
  rails (= 4.2.0.beta4)
  rails_12factor (= 0.0.2)
  sass-rails (~> 5.0.0.beta1)
  sdoc (~> 0.4.0)
  spring
  sqlite3
  turbolinks
  uglifier (>= 1.3.0)
  unicorn
  web-console (~> 2.0.0.beta4)
  will_paginate (= 3.0.7)
